GEM
  remote: https://rubygems.org/
  specs:
    acirb (1.2.1.0)
      httpclient (~> 2.6, >= 2.6.0.1)
      json (~> 1.8, >= 1.8.0)
      nokogiri (~> 1.6, >= 1.6.0)
      websocket (~> 1.0)
    addressable (2.5.1)
      public_suffix (~> 2.0, >= 2.0.2)
    backports (3.8.0)
    coderay (1.1.1)
    crack (0.4.3)
      safe_yaml (~> 1.0.0)
    diff-lcs (1.3)
    eventmachine (1.2.3)
    httpclient (2.8.3)
    json (1.8.6)
    kgio (2.11.0)
    method_source (0.8.2)
    mini_portile2 (2.1.0)
    multi_json (1.12.1)
    mustermann (1.0.0)
    nokogiri (1.7.2)
      mini_portile2 (~> 2.1.0)
    pry (0.10.4)
      coderay (~> 1.1.0)
      method_source (~> 0.8.1)
      slop (~> 3.4)
    public_suffix (2.0.5)
    rack (2.0.3)
    rack-mount (0.8.3)
      rack (>= 1.0.0)
    rack-protection (2.0.0)
      rack
    rainbows (5.1.1)
      kgio (~> 2.5)
      rack (>= 1.1, < 3.0)
      unicorn (~> 5.1)
    raindrops (0.18.0)
    rspec (2.99.0)
      rspec-core (~> 2.99.0)
      rspec-expectations (~> 2.99.0)
      rspec-mocks (~> 2.99.0)
    rspec-core (2.99.2)
    rspec-expectations (2.99.2)
      diff-lcs (>= 1.1.3, < 2.0)
    rspec-mocks (2.99.4)
    safe_yaml (1.0.4)
    sinatra (2.0.0)
      mustermann (~> 1.0)
      rack (~> 2.0)
      rack-protection (= 2.0.0)
      tilt (~> 2.0)
    sinatra-contrib (2.0.0)
      backports (>= 2.0)
      multi_json
      mustermann (~> 1.0)
      rack-protection (= 2.0.0)
      sinatra (= 2.0.0)
      tilt (>= 1.3, < 3)
    slop (3.6.0)
    tilt (2.0.7)
    unicorn (5.3.0)
      kgio (~> 2.6)
      raindrops (~> 0.7)
    vcr (3.0.3)
    webmock (1.15.2)
      addressable (>= 2.2.7)
      crack (>= 0.3.2)
    websocket (1.2.4)
    yajl-ruby (1.3.0)

PLATFORMS
  ruby

DEPENDENCIES
  acirb
  eventmachine
  multi_json
  pry
  rack-mount
  rainbows (>= 4.6.1)
  rspec (~> 2.10)
  sinatra
  sinatra-contrib
  vcr
  webmock (~> 1.15.0)
  yajl-ruby

BUNDLED WITH
   1.12.5
